GEM
  remote: http://rubygems.org/
  specs:
    couchrest (1.1.2)
      mime-types (~> 1.15)
      multi_json (~> 1.0.0)
      rest-client (~> 1.6.1)
    diff-lcs (1.1.3)
    json (2.3.0)
    mime-types (1.18)
    multi_json (1.0.4)
    rest-client (1.6.7)
      mime-types (>= 1.16)
    rspec (2.12.0)
      rspec-core (~> 2.12.0)
      rspec-expectations (~> 2.12.0)
      rspec-mocks (~> 2.12.0)
    rspec-core (2.12.2)
    rspec-expectations (2.12.1)
      diff-lcs (~> 1.1.3)
    rspec-mocks (2.12.1)
    thor (0.15.4)

PLATFORMS
  ruby

DEPENDENCIES
  couchrest
  json
  rspec (>= 2.12)
  thor
